GEM
  remote: https://rubygems.org/
  specs:
    base64 (0.2.0)
    json (2.12.2)
    jwt (2.10.1)
      base64
    nio4r (2.7.4)
    puma (6.6.0)
      nio4r (~> 2.0)
    rack (2.2.16)
    rackup (1.0.1)
      rack (< 3)
      webrick
    webrick (1.9.1)

PLATFORMS
  ruby
  x86_64-linux

DEPENDENCIES
  json (~> 2.6)
  jwt (~> 2.7)
  puma (~> 6.0)
  rack (~> 2.2.4)
  rackup (~> 1.0)

BUNDLED WITH
   2.5.5
