GEM
  remote: https://rubygems.org/
  specs:
    rack (3.1.15)
    rackup (2.2.1)
      rack (>= 3)

PLATFORMS
  ruby
  x86_64-linux

DEPENDENCIES
  rack
  rackup

BUNDLED WITH
   2.5.5
